GEM
  remote: https://rubygems.org/
  specs:
    benchmark-ips (2.8.2)

PLATFORMS
  ruby

DEPENDENCIES
  benchmark-ips

RUBY VERSION
   ruby 2.7.1p83

BUNDLED WITH
   2.1.4
